GEM
  remote: https://rubygems.org/
  specs:
    fyodor (0.3.4)
      optimist (~> 3.0)
      toml (~> 0.1)
    optimist (3.0.1)
    parslet (2.0.0)
    toml (0.3.0)
      parslet (>= 1.8.0, < 3.0.0)

PLATFORMS
  ruby

DEPENDENCIES
  fyodor

BUNDLED WITH
   2.1.4
